GEM
  remote: https://rubygems.org/
  specs:
    addressable (2.7.0)
      public_suffix (>= 2.0.2, < 5.0)
    cookiejar (0.3.3)
    em-http-request (1.1.6)
      addressable (>= 2.3.4)
      cookiejar (!= 0.3.1)
      em-socksify (>= 0.3)
      eventmachine (>= 1.0.3)
      http_parser.rb (>= 0.6.0)
    em-socksify (0.3.2)
      eventmachine (>= 1.0.0.beta.4)
    eventmachine (1.0.7)
    http_parser.rb (0.6.0)
    public_suffix (3.1.1)
    redis (3.2.1)

PLATFORMS
  ruby

DEPENDENCIES
  em-http-request
  eventmachine (> 1.0.4)
  redis

BUNDLED WITH
   1.10.5
